GEM
  remote: https://rubygems.org/
  specs:
    byebug (11.1.3)
    json (2.6.1)

PLATFORMS
  x86_64-darwin-21

DEPENDENCIES
  byebug
  json

RUBY VERSION
   ruby 3.1.2p20

BUNDLED WITH
   2.3.7
